PATH
  remote: .
  specs:
    speed_lightning (0.1.0)

GEM
  remote: https://rubygems.org/
  specs:
    minitest (5.20.0)
    rake (13.0.6)

PLATFORMS
  ruby

DEPENDENCIES
  bundler (> 2.0)
  minitest (~> 5.0)
  rake (~> 13.0)
  speed_lightning!

BUNDLED WITH
   2.2.20
