PATH
  remote: .
  specs:
    speed_lightning (0.2.0)
      httparty (~> 0.21.0)

GEM
  remote: https://rubygems.org/
  specs:
    httparty (0.21.0)
      mini_mime (>= 1.0.0)
      multi_xml (>= 0.5.2)
    mini_mime (1.1.5)
    minitest (5.20.0)
    multi_xml (0.6.0)
    rake (13.0.6)

PLATFORMS
  ruby

DEPENDENCIES
  bundler (> 2.0)
  minitest (~> 5.0)
  rake (~> 13.0)
  speed_lightning!

BUNDLED WITH
   2.2.20
